PATH
  remote: .
  specs:
    tumblr-rb (2.0.0)
      weary (~> 1.0.0.rc1)

GEM
  remote: http://rubygems.org/
  specs:
    addressable (2.2.7)
    multi_json (1.1.0)
    promise (0.3.0)
    rack (1.4.1)
    simple_oauth (0.1.5)
    weary (1.0.0.rc1)
      addressable (~> 2.2.6)
      multi_json (~> 1.1.0)
      promise (~> 0.3.0)
      rack (~> 1.4.0)
      simple_oauth (~> 0.1.5)

PLATFORMS
  ruby

DEPENDENCIES
  tumblr-rb!
