PATH
  remote: .
  specs:
    tumblr-rb (2.0.0.rc1)
      sinatra (~> 1.3.2)
      thor (~> 0.15.2)
      weary (~> 1.0.0)

GEM
  remote: http://rubygems.org/
  specs:
    addressable (2.2.7)
    crack (0.3.1)
    diff-lcs (1.1.3)
    multi_json (1.2.0)
    promise (0.3.0)
    rack (1.4.1)
    rack-protection (1.2.0)
      rack
    rack-test (0.6.1)
      rack (>= 1.0)
    rake (0.9.2.2)
    rspec (2.9.0)
      rspec-core (~> 2.9.0)
      rspec-expectations (~> 2.9.0)
      rspec-mocks (~> 2.9.0)
    rspec-core (2.9.0)
    rspec-expectations (2.9.0)
      diff-lcs (~> 1.1.3)
    rspec-mocks (2.9.0)
    simple_oauth (0.1.8)
    sinatra (1.3.2)
      rack (~> 1.3, >= 1.3.6)
      rack-protection (~> 1.2)
      tilt (~> 1.3, >= 1.3.3)
    thor (0.15.2)
    tilt (1.3.3)
    weary (1.0.1)
      addressable (~> 2.2.7)
      multi_json (~> 1.2.0)
      promise (~> 0.3.0)
      rack (~> 1.4.0)
      simple_oauth (~> 0.1.5)
    webmock (1.8.5)
      addressable (>= 2.2.7)
      crack (>= 0.1.7)

PLATFORMS
  ruby

DEPENDENCIES
  jruby-openssl
  rack-test (~> 0.6.1)
  rake (~> 0.9.2)
  rspec (~> 2.9.0)
  tumblr-rb!
  webmock (~> 1.8.5)
